GIT
  remote: git://github.com/bmabey/email-spec.git
  revision: 551fbb610cd0fa64abb56d6522ce6cc995eac06b
  branch: 0.6-rails2-compat
  specs:
    email_spec (0.6.5)

GEM
  remote: http://rubygems.org/
  specs:
    actionmailer (2.3.8)
      actionpack (= 2.3.8)
    actionpack (2.3.8)
      activesupport (= 2.3.8)
      rack (~> 1.1.0)
    activerecord (2.3.8)
      activesupport (= 2.3.8)
    activeresource (2.3.8)
      activesupport (= 2.3.8)
    activesupport (2.3.8)
    annotate (2.4.0)
    authlogic (2.1.6)
      activesupport
    awesome_print (0.3.2)
    aws-s3 (0.6.2)
      builder
      mime-types
      xml-simple
    builder (3.0.0)
    cancan (1.5.1)
    capybara (0.3.9)
      culerity (>= 0.2.4)
      mime-types (>= 1.16)
      nokogiri (>= 1.3.3)
      rack (>= 1.0.0)
      rack-test (>= 0.5.4)
      selenium-webdriver (>= 0.0.3)
    cgi_multipart_eof_fix (2.5.0)
    childprocess (0.1.7)
      ffi (~> 0.6.3)
    columnize (0.3.2)
    compass (0.10.2)
      haml (>= 3.0.4)
    configuration (1.2.0)
    cucumber (0.10.0)
      builder (>= 2.1.2)
      diff-lcs (~> 1.1.2)
      gherkin (~> 2.3.2)
      json (~> 1.4.6)
      term-ansicolor (~> 1.0.5)
    cucumber-rails (0.3.2)
      cucumber (>= 0.8.0)
    culerity (0.2.15)
    daemons (1.1.0)
    database_cleaner (0.6.5)
    diff-lcs (1.1.2)
    factory_girl (1.2.4)
    fastercsv (1.5.4)
    fastthread (1.0.7)
    ffi (0.6.3)
      rake (>= 0.8.7)
    formtastic (0.9.10)
      actionpack (>= 2.3.0)
      activesupport (>= 2.3.0)
    gem_plugin (0.2.3)
    gherkin (2.3.3)
      json (~> 1.4.6)
    google_currency (1.2.0)
      money (~> 3.5)
    haml (3.0.25)
    has_scope (0.5.0)
    heroku (1.17.17)
      json (~> 1.4.6)
      launchy (~> 0.3.2)
      rest-client (>= 1.4.0, < 1.7.0)
    hirb (0.4.0)
    hoptoad_notifier (2.4.6)
      activesupport
      builder
    i18n (0.5.0)
    inherited_resources (1.0.6)
      has_scope (~> 0.5.0)
      responders (~> 0.4.6)
    interactive_editor (0.0.6)
      spoon (>= 0.0.1)
    json (1.4.6)
    json_pure (1.5.1)
    launchy (0.3.7)
      configuration (>= 0.0.5)
      rake (>= 0.8.1)
    linecache (0.43)
    looksee (0.2.1)
    mime-types (1.16)
    money (3.6.0)
      i18n (~> 0.4)
    mongrel (1.1.5)
      cgi_multipart_eof_fix (>= 2.4)
      daemons (>= 1.0.3)
      fastthread (>= 1.0.1)
      gem_plugin (>= 0.2.3)
    nokogiri (1.4.4)
    open_gem (1.4.2)
      launchy (~> 0.3.5)
    paperclip (2.3.8)
      activerecord
      activesupport
    pickle (0.4.4)
      cucumber (>= 0.8)
      rake
      rspec (>= 1.3)
      yard
    rack (1.1.1)
    rack-test (0.5.7)
      rack (>= 1.0)
    rails (2.3.8)
      actionmailer (= 2.3.8)
      actionpack (= 2.3.8)
      activerecord (= 2.3.8)
      activeresource (= 2.3.8)
      activesupport (= 2.3.8)
      rake (>= 0.8.3)
    rails-footnotes (3.6.7)
    rake (0.8.7)
    responders (0.4.7)
    rest-client (1.6.1)
      mime-types (>= 1.16)
    rspec (1.3.1)
    rspec-rails (1.3.3)
      rack (>= 1.0.0)
      rspec (= 1.3.1)
    ruby-debug (0.10.4)
      columnize (>= 0.1)
      ruby-debug-base (~> 0.10.4.0)
    ruby-debug-base (0.10.4)
      linecache (>= 0.3)
    ruby-pg (0.7.9.2008.01.28)
    rubyzip (0.9.4)
    selenium-webdriver (0.1.3)
      childprocess (~> 0.1.5)
      ffi (~> 0.6.3)
      json_pure
      rubyzip
    sequel (3.17.0)
    settingslogic (2.0.6)
    shoulda (2.11.3)
    sinatra (1.0)
      rack (>= 1.0)
    sketches (0.1.1)
    slurper (0.4.3)
      activeresource (>= 2.3.5)
    spoon (0.0.1)
    spork (0.8.4)
    sqlite3 (1.3.3)
    sqlite3-ruby (1.3.3)
      sqlite3 (>= 1.3.3)
    taps (0.3.15)
      json (~> 1.4.6)
      rack (>= 1.0.1)
      rest-client (>= 1.4.0, < 1.7.0)
      sequel (~> 3.17.0)
      sinatra (~> 1.0.0)
      sqlite3-ruby (~> 1.2)
    term-ansicolor (1.0.5)
    validates_date_time (1.0.0)
    version (0.9.2)
    will_paginate (2.3.15)
    wirble (0.1.3)
    xml-simple (1.0.14)
    yard (0.6.4)

PLATFORMS
  ruby

DEPENDENCIES
  annotate
  authlogic
  awesome_print
  aws-s3
  cancan
  capybara (= 0.3.9)
  compass (= 0.10.2)
  cucumber
  cucumber-rails
  database_cleaner
  email_spec!
  factory_girl (= 1.2.4)
  fastercsv
  formtastic (= 0.9.10)
  google_currency (= 1.2.0)
  haml
  heroku
  hirb
  hoptoad_notifier
  inherited_resources (= 1.0.6)
  interactive_editor
  json_pure
  launchy
  looksee
  money (~> 3.5)
  mongrel
  open_gem
  paperclip (~> 2.3)
  pickle (~> 0.4.4)
  rails (= 2.3.8)
  rails-footnotes
  rspec (= 1.3.1)
  rspec-rails (= 1.3.3)
  ruby-debug
  ruby-pg
  settingslogic
  shoulda
  sketches
  slurper
  spork
  sqlite3-ruby
  taps
  validates_date_time (= 1.0.0)
  version
  will_paginate (~> 2.3.11)
  wirble
